GEM
  remote: http://rubygems.org/
  specs:
    activemodel (7.0.3.1)
      activesupport (= 7.0.3.1)
    activesupport (7.0.3.1)
      concurrent-ruby (~> 1.0, >= 1.0.2)
      i18n (>= 1.6, < 2)
      minitest (>= 5.1)
      tzinfo (~> 2.0)
    addressable (2.8.0)
      public_suffix (>= 2.0.2, < 5.0)
    builder (3.2.4)
    coderay (1.1.2)
    concurrent-ruby (1.1.10)
    domain_name (0.5.20190701)
      unf (>= 0.0.5, < 1.0.0)
    dotenv (2.7.2)
    dry-container (0.10.0)
      concurrent-ruby (~> 1.0)
    dry-core (0.8.0)
      concurrent-ruby (~> 1.0)
    dry-inflector (0.3.0)
    dry-logic (1.2.0)
      concurrent-ruby (~> 1.0)
      dry-core (~> 0.5, >= 0.5)
    dry-types (1.5.1)
      concurrent-ruby (~> 1.0)
      dry-container (~> 0.3)
      dry-core (~> 0.5, >= 0.5)
      dry-inflector (~> 0.1, >= 0.1.2)
      dry-logic (~> 1.0, >= 1.0.2)
    grape (1.6.2)
      activesupport
      builder
      dry-types (>= 1.1)
      mustermann-grape (~> 1.0.0)
      rack (>= 1.3.0)
      rack-accept
    grape-raketasks (0.0.3)
      activesupport
      grape
      rake
    http-accept (1.7.0)
    http-cookie (1.0.5)
      domain_name (~> 0.5)
    i18n (1.12.0)
      concurrent-ruby (~> 1.0)
    json (2.6.2)
    method_source (0.9.2)
    mime-types (3.4.1)
      mime-types-data (~> 3.2015)
    mime-types-data (3.2022.0105)
    mini_portile2 (2.4.0)
    minitest (5.16.2)
    mustermann (2.0.1)
      ruby2_keywords (~> 0.0.1)
    mustermann-grape (1.0.2)
      mustermann (>= 1.0.0)
    netrc (0.11.0)
    nokogiri (1.10.3)
      mini_portile2 (~> 2.4.0)
    oauth (0.5.10)
    pry (0.12.2)
      coderay (~> 1.1.0)
      method_source (~> 0.9.0)
    public_suffix (4.0.7)
    rack (2.2.4)
    rack-accept (0.4.5)
      rack (>= 0.4)
    rake (13.0.6)
    rest-client (2.1.0)
      http-accept (>= 1.7.0, < 2.0)
      http-cookie (>= 1.0.2, < 2.0)
      mime-types (>= 1.16, < 4.0)
      netrc (~> 0.8)
    ruby-trello (3.2.0)
      activemodel (>= 3.2.0)
      addressable (~> 2.3)
      json (>= 2.3.0)
      oauth (>= 0.4.5)
      rest-client (>= 1.8.0)
    ruby2_keywords (0.0.5)
    tzinfo (2.0.5)
      concurrent-ruby (~> 1.0)
    unf (0.1.4)
      unf_ext
    unf_ext (0.0.8.2)

PLATFORMS
  ruby

DEPENDENCIES
  dotenv
  grape
  grape-raketasks
  nokogiri
  pry
  ruby-trello

BUNDLED WITH
   2.1.4
